GEM
  remote: https://rubygems.org/
  specs:
    builder (3.2.2)
    diff-lcs (1.1.3)
    hiera (1.3.4)
      json_pure
    json (1.8.1)
    json_pure (1.8.1)
    metaclass (0.0.4)
    mocha (0.10.5)
      metaclass (~> 0.0.1)
    rake (10.1.1)
    rspec (2.11.0)
      rspec-core (~> 2.11.0)
      rspec-expectations (~> 2.11.0)
      rspec-mocks (~> 2.11.0)
    rspec-core (2.11.1)
    rspec-expectations (2.11.3)
      diff-lcs (~> 1.1.3)
    rspec-mocks (2.11.3)
    watchr (0.7)
    yarjuf (1.0.5)
      builder
      rspec (>= 2.0)

PLATFORMS
  ruby

DEPENDENCIES
  hiera
  json (~> 1.7)
  mocha (~> 0.10.5)
  rake (~> 10.1.0)
  rspec (~> 2.11.0)
  watchr
  yarjuf (~> 1.0)
